PATH
  remote: .
  specs:
    contracted (0.0.1)
      polyglot
      treetop

GEM
  remote: http://rubygems.org/
  specs:
    activesupport (3.0.7)
    builder (3.0.0)
    cucumber (0.10.3)
      builder (>= 2.1.2)
      diff-lcs (>= 1.1.2)
      gherkin (>= 2.3.8)
      json (>= 1.4.6)
      term-ansicolor (>= 1.0.5)
    daemons (1.1.3)
    diff-lcs (1.1.2)
    eventmachine (0.12.10)
    eventmachine (0.12.10-java)
    gherkin (2.3.9)
      json (>= 1.4.6)
    gherkin (2.3.9-java)
      json (>= 1.4.6)
    json (1.5.1)
    json (1.5.1-java)
    mime-types (1.16)
    polyglot (0.3.1)
    rack (1.3.0)
    rake (0.8.7)
    rest-client (1.6.1)
      mime-types (>= 1.16)
    rspec (2.6.0)
      rspec-core (~> 2.6.0)
      rspec-expectations (~> 2.6.0)
      rspec-mocks (~> 2.6.0)
    rspec-core (2.6.3)
    rspec-expectations (2.6.0)
      diff-lcs (~> 1.1.2)
    rspec-mocks (2.6.0)
    term-ansicolor (1.0.5)
    thin (1.2.11)
      daemons (>= 1.0.9)
      eventmachine (>= 0.12.6)
      rack (>= 1.0.0)
    treetop (1.4.9)
      polyglot (>= 0.3.1)

PLATFORMS
  java
  ruby

DEPENDENCIES
  activesupport
  contracted!
  cucumber
  rake (= 0.8.7)
  rest-client
  rspec
  thin
